PATH
  remote: .
  specs:
    paydock_ruby_sdk (0.1)

GEM
  remote: https://rubygems.org/
  specs:
    power_assert (2.0.0)
    test-unit (3.3.9)
      power_assert

PLATFORMS
  x86_64-darwin-19

DEPENDENCIES
  paydock_ruby_sdk!
  test-unit

BUNDLED WITH
   2.2.6
